PATH
  remote: .
  specs:
    git-it (0.0.6)
      gli (= 2.5.4)
      rugged (~> 0.17.0.b7)

GEM
  remote: http://rubygems.org/
  specs:
    aruba (0.5.1)
      childprocess (~> 0.3.6)
      cucumber (>= 1.1.1)
      rspec-expectations (>= 2.7.0)
    builder (3.1.4)
    childprocess (0.3.8)
      ffi (~> 1.0, >= 1.0.11)
    columnize (0.3.6)
    cucumber (1.2.1)
      builder (>= 2.1.2)
      diff-lcs (>= 1.1.3)
      gherkin (~> 2.11.0)
      json (>= 1.4.6)
    debugger (1.3.1)
      columnize (>= 0.3.1)
      debugger-linecache (~> 1.1.1)
      debugger-ruby_core_source (~> 1.1.8)
    debugger-linecache (1.1.2)
      debugger-ruby_core_source (>= 1.1.1)
    debugger-ruby_core_source (1.1.8)
    diff-lcs (1.1.3)
    ffi (1.4.0)
    gherkin (2.11.6)
      json (>= 1.7.6)
    gli (2.5.4)
    json (1.7.7)
    rake (10.0.3)
    rdoc (3.12.1)
      json (~> 1.4)
    rspec-expectations (2.12.1)
      diff-lcs (~> 1.1.3)
    rugged (0.17.0.b7)

PLATFORMS
  ruby

DEPENDENCIES
  aruba
  debugger
  git-it!
  gli
  rake
  rdoc
